GEM
  remote: https://rubygems.org/
 

PLATFORMS
  ruby

DEPENDENCIES
  autoprefixer-rails
  better_errors
  binding_of_caller
  bootstrap-sass
  carrierwave
  cloudinary
  devise
  figaro
  font-awesome-sass
  jbuilder 
  jquery-rails
  letter_opener
  listen
  middleman-robots
  pg
  postmark-rails
  pry-byebug
  pry-rails
  puma
  rails
  redis
  sass-rails
  simple_form
  spring 
  sticky-rails
  uglifier
  wicked_pdf
  wkhtmltopdf-binary

RUBY VERSION
   ruby 3.1.2

BUNDLED WITH
   2.3.16