GEM
  remote: https://rubygems.org/
 

PLATFORMS
  ruby

DEPENDENCIES
  autoprefixer-rails
  better_errors
  binding_of_caller
  bootstrap-sass
  carrierwave
  cloudinary (= 1.1.0)
  devise
  figaro
  font-awesome-sass
  jbuilder (~> 2.0)
  jquery-rails
  letter_opener
  listen (~> 3.0.5)
  middleman-robots
  pg
  postmark-rails
  pry-byebug
  pry-rails
  puma
  rails (= 5.0.0.1)
  redis
  sass-rails
  simple_form
  spring
  spring-watcher-listen (~> 2.0.0)
  sticky-rails
  uglifier
  wicked_pdf
  wkhtmltopdf-binary

RUBY VERSION
   ruby 2.7.4

BUNDLED WITH
   1.14.1
